GIT
  remote: git://github.com/customink/guard-uglify.git
  revision: 6606154657d009944b9d7cc11c1b6dd1acb62fe3
  specs:
    guard-uglify (0.3.1)
      guard (>= 0.2.2)
      uglifier

GIT
  remote: git://github.com/josh/ruby-coffee-script.git
  revision: 804a8602c35fe7f13a9f78f0b01d4e04dc3cfc3c
  specs:
    coffee-script (2.3.0)
      coffee-script-source
      execjs

GEM
  remote: https://rubygems.org/
  specs:
    celluloid (0.15.2)
      timers (~> 1.1.0)
    coderay (1.1.0)
    coffee-script-source (1.7.1)
    execjs (2.2.1)
    ffi (1.9.3)
    formatador (0.2.5)
    guard (2.6.1)
      formatador (>= 0.2.4)
      listen (~> 2.7)
      lumberjack (~> 1.0)
      pry (>= 0.9.12)
      thor (>= 0.18.1)
    guard-coffeescript (1.4.0)
      coffee-script (>= 2.2.0)
      guard (>= 1.1.0)
    json (1.8.1)
    listen (2.7.9)
      celluloid (>= 0.15.2)
      rb-fsevent (>= 0.9.3)
      rb-inotify (>= 0.9)
    lumberjack (1.0.9)
    method_source (0.8.2)
    pry (0.10.0)
      coderay (~> 1.1.0)
      method_source (~> 0.8.1)
      slop (~> 3.4)
    rb-fsevent (0.9.4)
    rb-inotify (0.9.5)
      ffi (>= 0.5.0)
    slop (3.6.0)
    thor (0.19.1)
    timers (1.1.0)
    uglifier (2.5.3)
      execjs (>= 0.3.0)
      json (>= 1.8.0)

PLATFORMS
  ruby

DEPENDENCIES
  coffee-script!
  guard
  guard-coffeescript
  guard-uglify!
